GEM
  remote: https://rubygems.org/
  specs:
    dotenv (3.1.4)

PLATFORMS
  arm64-darwin-24
  ruby

DEPENDENCIES
  dotenv

RUBY VERSION
   ruby 3.3.6p108

BUNDLED WITH
   2.5.22
